GIT
  remote: https://github.com/seuros/state_machine.git
  revision: 95ba53f03e5657a5873343c2b1dc6a148ea3542e
  specs:
    state_machine (1.2.0)

GIT
  remote: https://github.com/stripe/stripe-ruby
  revision: d5f5efb77dea5f517d7d77c1490567c0c27fef68
  specs:
    stripe (1.31.0)
      json (~> 1.8.1)
      rest-client (~> 1.4)

GEM
  remote: https://rubygems.org/
  specs:
    abstract_type (0.0.7)
    actionmailer (4.1.6)
      actionpack (= 4.1.6)
      actionview (= 4.1.6)
      mail (~> 2.5, >= 2.5.4)
    actionpack (4.1.6)
      actionview (= 4.1.6)
      activesupport (= 4.1.6)
      rack (~> 1.5.2)
      rack-test (~> 0.6.2)
    actionview (4.1.6)
      activesupport (= 4.1.6)
      builder (~> 3.1)
      erubis (~> 2.7.0)
    activemodel (4.1.6)
      activesupport (= 4.1.6)
      builder (~> 3.1)
    activerecord (4.1.6)
      activemodel (= 4.1.6)
      activesupport (= 4.1.6)
      arel (~> 5.0.0)
    activesupport (4.1.6)
      i18n (~> 0.6, >= 0.6.9)
      json (~> 1.7, >= 1.7.7)
      minitest (~> 5.1)
      thread_safe (~> 0.1)
      tzinfo (~> 1.1)
    adamantium (0.2.0)
      ice_nine (~> 0.11.0)
      memoizable (~> 0.4.0)
    addressable (2.4.0)
    apipie-rails (0.3.5)
      json
    arel (5.0.1.20140414130214)
    ast (2.1.0)
    autoprefixer-rails (6.1.2)
      execjs
      json
    awesome_nested_set (3.0.2)
      activerecord (>= 4.0.0, < 5)
    axiom-types (0.1.1)
      descendants_tracker (~> 0.0.4)
      ice_nine (~> 0.11.0)
      thread_safe (~> 0.3, >= 0.3.1)
    bcrypt (3.1.10)
    bootstrap-sass (3.2.0.2)
      sass (~> 3.2)
    builder (3.2.2)
    capistrano (3.4.0)
      i18n
      rake (>= 10.0.0)
      sshkit (~> 1.3)
    capistrano-bundler (1.1.4)
      capistrano (~> 3.1)
      sshkit (~> 1.2)
    capistrano-passenger (0.0.2)
      capistrano (~> 3.0)
    capistrano-rails (1.1.5)
      capistrano (~> 3.1)
      capistrano-bundler (~> 1.1)
    capistrano-rvm (0.1.2)
      capistrano (~> 3.0)
      sshkit (~> 1.2)
    capistrano-sidekiq (0.5.4)
      capistrano
      sidekiq (>= 3.4)
    carrierwave (0.10.0)
      activemodel (>= 3.2.0)
      activesupport (>= 3.2.0)
      json (>= 1.7)
      mime-types (>= 1.16)
    ckeditor (4.1.5)
      cocaine
      orm_adapter (~> 0.5.0)
    climate_control (0.0.3)
      activesupport (>= 3.0)
    cocaine (0.5.8)
      climate_control (>= 0.0.3, < 1.0)
    cocoon (1.2.6)
    codeclimate-engine-rb (0.1.0)
      virtus (~> 1.0)
    coderay (1.1.0)
    coercible (1.0.0)
      descendants_tracker (~> 0.0.1)
    coffee-rails (4.0.1)
      coffee-script (>= 2.2.0)
      railties (>= 4.0.0, < 5.0)
    coffee-script (2.4.1)
      coffee-script-source
      execjs
    coffee-script-source (1.10.0)
    concord (0.1.5)
      adamantium (~> 0.2.0)
      equalizer (~> 0.0.9)
    concurrent-ruby (1.0.0)
    connection_pool (2.2.0)
    declarative (0.0.5)
      uber (>= 0.0.15)
    descendants_tracker (0.0.4)
      thread_safe (~> 0.3, >= 0.3.1)
    devise (3.5.2)
      bcrypt (~> 3.0)
      orm_adapter (~> 0.1)
      railties (>= 3.2.6, < 5)
      responders
      thread_safe (~> 0.1)
      warden (~> 1.2.3)
    diff-lcs (1.2.5)
    dimensions (1.3.0)
    domain_name (0.5.25)
      unf (>= 0.0.5, < 1.0.0)
    equalizer (0.0.11)
    erubis (2.7.0)
    excon (0.45.4)
    execjs (2.6.0)
    faraday (0.9.2)
      multipart-post (>= 1.2, < 3)
    flay (2.6.1)
      ruby_parser (~> 3.0)
      sexp_processor (~> 4.0)
    flog (4.3.2)
      ruby_parser (~> 3.1, > 3.1.0)
      sexp_processor (~> 4.4)
    font-awesome-rails (4.5.0.0)
      railties (>= 3.2, < 5.0)
    google-api-client (0.9.pre3)
      activesupport (>= 3.2)
      addressable (~> 2.3)
      googleauth (~> 0.2)
      hurley (~> 0.1)
      memoist (~> 0.11)
      mime-types (>= 1.6)
      multi_json (~> 1.11)
      representable (~> 2.1)
      retriable (~> 2.0)
      thor (~> 0.19)
    googleauth (0.4.2)
      faraday (~> 0.9)
      jwt (~> 1.4)
      logging (~> 2.0)
      memoist (~> 0.12)
      multi_json (~> 1.11)
      signet (~> 0.6)
    hashie (3.4.3)
    hike (1.2.3)
    http-cookie (1.0.2)
      domain_name (~> 0.5)
    hurley (0.2)
    i18n (0.7.0)
    ice_nine (0.11.1)
    jbuilder (2.3.2)
      activesupport (>= 3.0.0, < 5)
      multi_json (~> 1.2)
    jquery-rails (3.1.4)
      railties (>= 3.0, < 5.0)
      thor (>= 0.14, < 2.0)
    jquery-ui-rails (5.0.5)
      railties (>= 3.2.16)
    json (1.8.3)
    jwt (1.5.2)
    kaminari (0.16.3)
      actionpack (>= 3.0.0)
      activesupport (>= 3.0.0)
    launchy (2.4.3)
      addressable (~> 2.3)
    letter_opener (1.4.1)
      launchy (~> 2.2)
    little-plugger (1.1.4)
    logging (2.0.0)
      little-plugger (~> 1.1)
      multi_json (~> 1.10)
    mail (2.6.3)
      mime-types (>= 1.16, < 3)
    mailchimp-api (2.0.6)
      excon (>= 0.16.0)
      json (>= 1.7.7)
    memoist (0.13.0)
    memoizable (0.4.2)
      thread_safe (~> 0.3, >= 0.3.1)
    method_source (0.8.2)
    mime-types (2.99)
    mini_magick (4.3.6)
    minitest (5.8.3)
    multi_json (1.11.2)
    multi_xml (0.5.5)
    multipart-post (2.0.0)
    net-scp (1.2.1)
      net-ssh (>= 2.6.5)
    net-ssh (3.0.1)
    netrc (0.11.0)
    oauth2 (1.0.0)
      faraday (>= 0.8, < 0.10)
      jwt (~> 1.0)
      multi_json (~> 1.3)
      multi_xml (~> 0.5)
      rack (~> 1.2)
    omniauth (1.2.2)
      hashie (>= 1.2, < 4)
      rack (~> 1.0)
    omniauth-facebook (3.0.0)
      omniauth-oauth2 (~> 1.2)
    omniauth-oauth2 (1.2.0)
      faraday (>= 0.8, < 0.10)
      multi_json (~> 1.3)
      oauth2 (~> 1.0)
      omniauth (~> 1.2)
    omniauth-stripe-connect (2.6.0)
      omniauth (~> 1.0)
      omniauth-oauth2 (~> 1.2.0)
    orm_adapter (0.5.0)
    parser (2.2.3.0)
      ast (>= 1.1, < 3.0)
    pg (0.18.4)
    private_attr (1.1.0)
    procto (0.0.2)
    pry (0.10.3)
      coderay (~> 1.1.0)
      method_source (~> 0.8.1)
      slop (~> 3.4)
    quiet_assets (1.1.0)
      railties (>= 3.1, < 5.0)
    rack (1.5.5)
    rack-test (0.6.3)
      rack (>= 1.0)
    rails (4.1.6)
      actionmailer (= 4.1.6)
      actionpack (= 4.1.6)
      actionview (= 4.1.6)
      activemodel (= 4.1.6)
      activerecord (= 4.1.6)
      activesupport (= 4.1.6)
      bundler (>= 1.3.0, < 2.0)
      railties (= 4.1.6)
      sprockets-rails (~> 2.0)
    rails-sass-images (1.0.0)
      dimensions (> 0)
      mime-types (> 0)
      sass (> 0)
    railties (4.1.6)
      actionpack (= 4.1.6)
      activesupport (= 4.1.6)
      rake (>= 0.8.7)
      thor (>= 0.18.1, < 2.0)
    rainbow (2.0.0)
    rake (10.4.2)
    rdoc (4.2.0)
      json (~> 1.4)
    redis (3.2.2)
    reek (3.7.1)
      codeclimate-engine-rb (~> 0.1.0)
      parser (~> 2.2, >= 2.2.2.5)
      private_attr (~> 1.1)
      rainbow (~> 2.0)
      unparser (~> 0.2.2)
    representable (2.4.0)
      declarative (~> 0.0.5)
      uber (~> 0.0.15)
    responders (1.1.2)
      railties (>= 3.2, < 4.2)
    rest-client (1.8.0)
      http-cookie (>= 1.0.2, < 2.0)
      mime-types (>= 1.16, < 3.0)
      netrc (~> 0.7)
    retriable (2.1.0)
    ruby_parser (3.7.2)
      sexp_processor (~> 4.1)
    rubycritic (2.3.0)
      flay (= 2.6.1)
      flog (= 4.3.2)
      parser (>= 2.2.0, < 3.0)
      reek (= 3.7.1)
      virtus (~> 1.0)
    sass (3.2.19)
    sass-rails (4.0.5)
      railties (>= 4.0.0, < 5.0)
      sass (~> 3.2.2)
      sprockets (~> 2.8, < 3.0)
      sprockets-rails (~> 2.0)
    sdoc (0.4.1)
      json (~> 1.7, >= 1.7.7)
      rdoc (~> 4.0)
    sexp_processor (4.6.0)
    sidekiq (4.0.1)
      concurrent-ruby (~> 1.0)
      connection_pool (~> 2.2, >= 2.2.0)
      json (~> 1.0)
      redis (~> 3.2, >= 3.2.1)
    signet (0.7.0)
      addressable (~> 2.3)
      faraday (~> 0.9)
      jwt (~> 1.5)
      multi_json (~> 1.10)
    slim (3.0.6)
      temple (~> 0.7.3)
      tilt (>= 1.3.3, < 2.1)
    slim-rails (3.0.1)
      actionmailer (>= 3.1, < 5.0)
      actionpack (>= 3.1, < 5.0)
      activesupport (>= 3.1, < 5.0)
      railties (>= 3.1, < 5.0)
      slim (~> 3.0)
    slop (3.6.0)
    spring (1.5.0)
    sprockets (2.12.4)
      hike (~> 1.2)
      multi_json (~> 1.0)
      rack (~> 1.0)
      tilt (~> 1.1, != 1.3.0)
    sprockets-rails (2.3.3)
      actionpack (>= 3.0)
      activesupport (>= 3.0)
      sprockets (>= 2.8, < 4.0)
    sshkit (1.8.1)
      net-scp (>= 1.1.2)
      net-ssh (>= 2.8.0)
    temple (0.7.6)
    the_sortable_tree (2.5.0)
      rails (>= 3.1)
    thor (0.19.1)
    thread_safe (0.3.5)
    tilt (1.4.1)
    twilio-ruby (4.7.0)
      builder (>= 2.1.2)
      jwt (~> 1.0)
      multi_json (>= 1.3.0)
    tzinfo (1.2.2)
      thread_safe (~> 0.1)
    uber (0.0.15)
    uglifier (2.7.2)
      execjs (>= 0.3.0)
      json (>= 1.8.0)
    unf (0.1.4)
      unf_ext
    unf_ext (0.0.7.1)
    unparser (0.2.4)
      abstract_type (~> 0.0.7)
      adamantium (~> 0.2.0)
      concord (~> 0.1.5)
      diff-lcs (~> 1.2.5)
      equalizer (~> 0.0.9)
      parser (~> 2.2.2)
      procto (~> 0.0.2)
    virtus (1.0.5)
      axiom-types (~> 0.1)
      coercible (~> 1.0)
      descendants_tracker (~> 0.0, >= 0.0.3)
      equalizer (~> 0.0, >= 0.0.9)
    warden (1.2.3)
      rack (>= 1.0)

PLATFORMS
  ruby

DEPENDENCIES
  apipie-rails
  autoprefixer-rails
  awesome_nested_set
  bootstrap-sass (~> 3.2.0)
  capistrano-passenger (= 0.0.2)
  capistrano-rails
  capistrano-rvm
  capistrano-sidekiq
  carrierwave
  ckeditor
  cocoon
  coffee-rails (~> 4.0.0)
  devise
  font-awesome-rails
  google-api-client (= 0.9.pre3)
  jbuilder (~> 2.0)
  jquery-rails
  jquery-ui-rails
  kaminari
  letter_opener
  mailchimp-api (~> 2.0.6)
  mini_magick
  omniauth-facebook
  omniauth-stripe-connect (= 2.6.0)
  pg
  pry
  quiet_assets
  rails (= 4.1.6)
  rails-sass-images
  rubycritic
  sass-rails (~> 4.0.3)
  sdoc (~> 0.4.0)
  sidekiq
  slim-rails
  spring
  state_machine!
  stripe!
  the_sortable_tree
  twilio-ruby
  uglifier (>= 1.3.0)

BUNDLED WITH
   1.10.6
